GIT
  remote: git://github.com/randym/axlsx.git
  revision: 731639b7d8871e79e96167b64c83f55e06bf78f6
  branch: master
  specs:
    axlsx (2.1.0.pre)
      htmlentities (~> 4.3.4)
      mimemagic (~> 0.3)
      nokogiri (>= 1.6.6)
      rubyzip (~> 1.1.7)

GEM
  remote: https://rubygems.org/
  specs:
    htmlentities (4.3.4)
    mimemagic (0.3.2)
    mini_portile2 (2.1.0)
    nokogiri (1.6.8.1)
      mini_portile2 (~> 2.1.0)
    rubyzip (1.1.7)

PLATFORMS
  ruby

DEPENDENCIES
  axlsx!
  rubyzip (~> 1.1)

RUBY VERSION
   ruby 2.2.5p319

BUNDLED WITH
   1.13.1
